GEM
  remote: https://rubygems.org/
  specs:
    actioncable (7.0.1)
      actionpack (= 7.0.1)
      activesupport (= 7.0.1)
      nio4r (~> 2.0)
      websocket-driver (>= 0.6.1)
    actionmailbox (7.0.1)
      actionpack (= 7.0.1)
      activejob (= 7.0.1)
      activerecord (= 7.0.1)
      activestorage (= 7.0.1)
      activesupport (= 7.0.1)
      mail (>= 2.7.1)
      net-imap
      net-pop
      net-smtp
    actionmailer (7.0.1)
      actionpack (= 7.0.1)
      actionview (= 7.0.1)
      activejob (= 7.0.1)
      activesupport (= 7.0.1)
      mail (~> 2.5, >= 2.5.4)
      net-imap
      net-pop
      net-smtp
      rails-dom-testing (~> 2.0)
    actionpack (7.0.1)
      actionview (= 7.0.1)
      activesupport (= 7.0.1)
      rack (~> 2.0, >= 2.2.0)
      rack-test (>= 0.6.3)
      rails-dom-testing (~> 2.0)
      rails-html-sanitizer (~> 1.0, >= 1.2.0)
    actiontext (7.0.1)
      actionpack (= 7.0.1)
      activerecord (= 7.0.1)
      activestorage (= 7.0.1)
      activesupport (= 7.0.1)
      globalid (>= 0.6.0)
      nokogiri (>= 1.8.5)
    actionview (7.0.1)
      activesupport (= 7.0.1)
      builder (~> 3.1)
      erubi (~> 1.4)
      rails-dom-testing (~> 2.0)
      rails-html-sanitizer (~> 1.1, >= 1.2.0)
    activejob (7.0.1)
      activesupport (= 7.0.1)
      globalid (>= 0.3.6)
    activemodel (7.0.1)
      activesupport (= 7.0.1)
    activemodel-serializers-xml (1.0.2)
      activemodel (> 5.x)
      activesupport (> 5.x)
      builder (~> 3.1)
    activerecord (7.0.1)
      activemodel (= 7.0.1)
      activesupport (= 7.0.1)
    activestorage (7.0.1)
      actionpack (= 7.0.1)
      activejob (= 7.0.1)
      activerecord (= 7.0.1)
      activesupport (= 7.0.1)
      marcel (~> 1.0)
      mini_mime (>= 1.1.0)
    activesupport (7.0.1)
      concurrent-ruby (~> 1.0, >= 1.0.2)
      i18n (>= 1.6, < 2)
      minitest (>= 5.1)
      tzinfo (~> 2.0)
    addressable (2.8.0)
      public_suffix (>= 2.0.2, < 5.0)
    awesome_print (1.9.2)
    bcrypt (3.1.16)
    bindex (0.8.1)
    bootsnap (1.10.2)
      msgpack (~> 1.2)
    builder (3.2.4)
    cancancan (3.3.0)
    capybara (3.36.0)
      addressable
      matrix
      mini_mime (>= 0.1.3)
      nokogiri (~> 1.8)
      rack (>= 1.6.0)
      rack-test (>= 0.6.3)
      regexp_parser (>= 1.5, < 3.0)
      xpath (~> 3.2)
    childprocess (4.1.0)
    concurrent-ruby (1.1.9)
    crass (1.0.6)
    cssbundling-rails (1.0.0)
      railties (>= 6.0.0)
    debug (1.4.0)
      irb (>= 1.3.6)
      reline (>= 0.2.7)
    devise (4.8.1)
      bcrypt (~> 3.0)
      orm_adapter (~> 0.1)
      railties (>= 4.1.0)
      responders
      warden (~> 1.2.3)
    digest (3.1.0)
    draper (4.0.2)
      actionpack (>= 5.0)
      activemodel (>= 5.0)
      activemodel-serializers-xml (>= 1.0)
      activesupport (>= 5.0)
      request_store (>= 1.0)
      ruby2_keywords
    erubi (1.10.0)
    ffi (1.15.5)
    figaro (1.2.0)
      thor (>= 0.14.0, < 2)
    font_awesome5_rails (1.5.0)
      nokogiri (>= 1.11.3)
      railties (>= 4.2)
    globalid (1.0.0)
      activesupport (>= 5.0)
    i18n (1.8.11)
      concurrent-ruby (~> 1.0)
    io-console (0.5.11)
    io-wait (0.2.1)
    irb (1.4.1)
      reline (>= 0.3.0)
    jbuilder (2.11.5)
      actionview (>= 5.0.0)
      activesupport (>= 5.0.0)
    jsbundling-rails (1.0.0)
      railties (>= 6.0.0)
    kaminari (1.2.2)
      activesupport (>= 4.1.0)
      kaminari-actionview (= 1.2.2)
      kaminari-activerecord (= 1.2.2)
      kaminari-core (= 1.2.2)
    kaminari-actionview (1.2.2)
      actionview
      kaminari-core (= 1.2.2)
    kaminari-activerecord (1.2.2)
      activerecord
      kaminari-core (= 1.2.2)
    kaminari-core (1.2.2)
    launchy (2.5.0)
      addressable (~> 2.7)
    letter_opener (1.7.0)
      launchy (~> 2.2)
    letter_opener_web (1.4.1)
      actionmailer (>= 3.2)
      letter_opener (~> 1.0)
      railties (>= 3.2)
    loofah (2.13.0)
      crass (~> 1.0.2)
      nokogiri (>= 1.5.9)
    mail (2.7.1)
      mini_mime (>= 0.1.1)
    marcel (1.0.2)
    matrix (0.4.2)
    method_source (1.0.0)
    mini_mime (1.1.2)
    minitest (5.15.0)
    msgpack (1.4.4)
    net-imap (0.2.3)
      digest
      net-protocol
      strscan
    net-pop (0.1.1)
      digest
      net-protocol
      timeout
    net-protocol (0.1.2)
      io-wait
      timeout
    net-smtp (0.3.1)
      digest
      net-protocol
      timeout
    nio4r (2.5.8)
    nokogiri (1.13.1-x86_64-darwin)
      racc (~> 1.4)
    nokogiri (1.13.1-x86_64-linux)
      racc (~> 1.4)
    orm_adapter (0.5.0)
    pg (1.3.0)
    pp (0.3.0)
      prettyprint
    prettyprint (0.1.1)
    public_suffix (4.0.6)
    puma (5.6.0)
      nio4r (~> 2.0)
    racc (1.6.0)
    rack (2.2.3)
    rack-test (1.1.0)
      rack (>= 1.0, < 3)
    rails (7.0.1)
      actioncable (= 7.0.1)
      actionmailbox (= 7.0.1)
      actionmailer (= 7.0.1)
      actionpack (= 7.0.1)
      actiontext (= 7.0.1)
      actionview (= 7.0.1)
      activejob (= 7.0.1)
      activemodel (= 7.0.1)
      activerecord (= 7.0.1)
      activestorage (= 7.0.1)
      activesupport (= 7.0.1)
      bundler (>= 1.15.0)
      railties (= 7.0.1)
    rails-dom-testing (2.0.3)
      activesupport (>= 4.2.0)
      nokogiri (>= 1.6)
    rails-html-sanitizer (1.4.2)
      loofah (~> 2.3)
    railties (7.0.1)
      actionpack (= 7.0.1)
      activesupport (= 7.0.1)
      method_source
      rake (>= 12.2)
      thor (~> 1.0)
      zeitwerk (~> 2.5)
    rake (13.0.6)
    redis (4.5.1)
    regexp_parser (2.2.0)
    reline (0.3.1)
      io-console (~> 0.5)
    request_store (1.5.1)
      rack (>= 1.4)
    responders (3.0.1)
      actionpack (>= 5.0)
      railties (>= 5.0)
    rexml (3.2.5)
    rolify (6.0.0)
    roo (2.8.3)
      nokogiri (~> 1)
      rubyzip (>= 1.3.0, < 3.0.0)
    roo-xls (1.2.0)
      nokogiri
      roo (>= 2.0.0, < 3)
      spreadsheet (> 0.9.0)
    ruby-ole (1.2.12.2)
    ruby2_keywords (0.0.5)
    rubyzip (2.3.2)
    sassc (2.4.0)
      ffi (~> 1.9)
    sassc-rails (2.1.2)
      railties (>= 4.0.0)
      sassc (>= 2.0)
      sprockets (> 3.0)
      sprockets-rails
      tilt
    selenium-webdriver (4.1.0)
      childprocess (>= 0.5, < 5.0)
      rexml (~> 3.2, >= 3.2.5)
      rubyzip (>= 1.2.2)
    simple_form (5.1.0)
      actionpack (>= 5.2)
      activemodel (>= 5.2)
    simplest_status (1.0.0)
      rails
    spreadsheet (1.3.0)
      ruby-ole
    sprockets (4.0.2)
      concurrent-ruby (~> 1.0)
      rack (> 1, < 3)
    sprockets-rails (3.4.2)
      actionpack (>= 5.2)
      activesupport (>= 5.2)
      sprockets (>= 3.0.0)
    stimulus-rails (1.0.2)
      railties (>= 6.0.0)
    strscan (3.0.1)
    thor (1.2.1)
    tilt (2.0.10)
    timeout (0.2.0)
    turbo-rails (1.0.1)
      actionpack (>= 6.0.0)
      railties (>= 6.0.0)
    tzinfo (2.0.4)
      concurrent-ruby (~> 1.0)
    warden (1.2.9)
      rack (>= 2.0.9)
    web-console (4.2.0)
      actionview (>= 6.0.0)
      activemodel (>= 6.0.0)
      bindex (>= 0.4.0)
      railties (>= 6.0.0)
    webdrivers (5.0.0)
      nokogiri (~> 1.6)
      rubyzip (>= 1.3.0)
      selenium-webdriver (~> 4.0)
    websocket-driver (0.7.5)
      websocket-extensions (>= 0.1.0)
    websocket-extensions (0.1.5)
    xpath (3.2.0)
      nokogiri (~> 1.8)
    zeitwerk (2.5.3)

PLATFORMS
  x86_64-darwin-21
  x86_64-linux

DEPENDENCIES
  awesome_print (~> 1.8)
  bcrypt (~> 3.1.7)
  bootsnap
  cancancan
  capybara
  cssbundling-rails
  debug
  devise
  draper
  figaro
  font_awesome5_rails
  jbuilder
  jsbundling-rails
  kaminari
  letter_opener
  letter_opener_web (~> 1.0)
  pg (~> 1.1)
  pp
  puma (~> 5.0)
  rails (~> 7.0, >= 7.0.1)
  redis (~> 4.0)
  rolify
  roo
  roo-xls
  sassc-rails
  selenium-webdriver
  simple_form
  simplest_status
  sprockets-rails
  stimulus-rails
  turbo-rails (~> 1.0.0)
  tzinfo-data
  web-console
  webdrivers

RUBY VERSION
   ruby 3.0.3p157

BUNDLED WITH
   2.2.32
